{
	"Modality": "MR",
	"MagneticFieldStrength": 3,
	"ImagingFrequency": 127.79,
	"Manufacturer": "Philips",
	"ManufacturersModelName": "Intera",
	"InstitutionName": "Klin.Radiologie_UKMuenster_MR3",
	"InstitutionalDepartmentName": "MR-Tomographie_II_-_3_T",
	"DeviceSerialNumber": "05704",
	"StationName": "PHILIPS-1D869B9",
	"BodyPartExamined": "BRAIN",
	"PatientPosition": "HFS",
	"ProcedureStepDescription": "MR-Schadel_BiDirect_zweite_Untersuchung",
	"SoftwareVersions": "2.6.3_2.6.3.4",
	"MRAcquisitionType": "3D",
	"SeriesDescription": "3DT1TFElrsQFOV",
	"ProtocolName": "3DT1TFElrsQFOV",
	"ScanningSequence": "GR",
	"SequenceVariant": "OSP",
	"ScanOptions": "SP",
	"ImageType": ["ORIGINAL", "PRIMARY", "M", "FFE", "M", "FFE"],
	"SeriesNumber": 501,
	"AcquisitionTime": "11:44:48.700000",
	"AcquisitionNumber": 5,
	"PhilipsRescaleSlope": 3.59414,
	"PhilipsRescaleIntercept": 0,
	"PhilipsScaleSlope": 0.00240242,
	"UsePhilipsFloatNotDisplayScaling": 1,
	"SliceThickness": 2,
	"SpacingBetweenSlices": 1,
	"SAR": 1.10374,
	"NumberOfAverages": 2,
	"EchoTime": 0.003544,
	"RepetitionTime": 0.0072003,
	"FlipAngle": 9,
	"CoilString": "T_R-head",
	"PercentPhaseFOV": 100,
	"EchoTrainLength": 102,
	"PhaseEncodingSteps": 255,
	"AcquisitionMatrixPE": 255,
	"ReconMatrixPE": 256,
	"PixelBandwidth": 217,
	"ImageOrientationPatientDICOM": [
		0.0188369,
		0.968879,
		-0.246816,
		0.0209755,
		-0.247188,
		-0.96874	],
	"InPlanePhaseEncodingDirectionDICOM": "ROW",
	"ConversionSoftware": "dcm2niix",
	"ConversionSoftwareVersion": "v1.0.20190902"
}
