{
	"Modality": "MR",
	"MagneticFieldStrength": 3,
	"ImagingFrequency": 127.79,
	"Manufacturer": "Philips",
	"ManufacturersModelName": "Intera",
	"InstitutionName": "Klin.Radiologie_UKMuenster_MR3",
	"InstitutionalDepartmentName": "MR-Tomographie_II_-_3_T",
	"DeviceSerialNumber": "05704",
	"StationName": "PHILIPS-0A6304C",
	"BodyPartExamined": "BRAIN",
	"PatientPosition": "HFS",
	"ProcedureStepDescription": "MR-Schadel_BiDirect_dritte_Untersuchung",
	"SoftwareVersions": "3.2.3_3.2.3.1",
	"MRAcquisitionType": "3D",
	"SeriesDescription": "3DT1TFElrsQFOV",
	"ProtocolName": "WIP_3DT1TFElrsQFOV",
	"ScanningSequence": "GR",
	"SequenceVariant": "OSP",
	"ScanOptions": "SP",
	"ImageType": ["ORIGINAL", "PRIMARY", "M", "FFE", "M", "FFE"],
	"SeriesNumber": 801,
	"AcquisitionTime": "12:01:9.590000",
	"AcquisitionNumber": 8,
	"PhilipsRescaleSlope": 4.22955,
	"PhilipsRescaleIntercept": 0,
	"PhilipsScaleSlope": 0.00270249,
	"UsePhilipsFloatNotDisplayScaling": 1,
	"SliceThickness": 2,
	"SpacingBetweenSlices": 1,
	"NumberOfAverages": 2,
	"EchoTime": 0.003491,
	"RepetitionTime": 0.0070943,
	"FlipAngle": 9,
	"CoilString": "T_R-head",
	"PercentPhaseFOV": 100,
	"EchoTrainLength": 102,
	"PhaseEncodingSteps": 255,
	"AcquisitionMatrixPE": 255,
	"ReconMatrixPE": 256,
	"PixelBandwidth": 217,
	"ImageOrientationPatientDICOM": [
		-0.00358118,
		0.994104,
		-0.10837,
		-0.082677,
		-0.108294,
		-0.990675	],
	"InPlanePhaseEncodingDirectionDICOM": "ROW",
	"ConversionSoftware": "dcm2niix",
	"ConversionSoftwareVersion": "v1.0.20190902"
}
