{
	"Modality": "MR",
	"MagneticFieldStrength": 3,
	"ImagingFrequency": 127.789,
	"Manufacturer": "Philips",
	"ManufacturersModelName": "Intera",
	"InstitutionName": "Klin.Radiologie_UKMuenster_MR3",
	"InstitutionalDepartmentName": "MR-Tomographie_II_-_3_T",
	"DeviceSerialNumber": "05704",
	"StationName": "MRNT03",
	"BodyPartExamined": "BRAIN",
	"PatientPosition": "HFS",
	"ProcedureStepDescription": "MR-Schaedel_BiDirect_erste_Untersuchung",
	"SoftwareVersions": "2.5.3_2.5.3.3",
	"MRAcquisitionType": "3D",
	"SeriesDescription": "3DT1TFElrs",
	"ProtocolName": "3DT1TFElrs",
	"ScanningSequence": "GR",
	"SequenceVariant": "OSP",
	"ScanOptions": "SP",
	"ImageType": ["ORIGINAL", "PRIMARY", "M", "FFE", "M", "FFE"],
	"SeriesNumber": 201,
	"AcquisitionTime": "14:23:49.680000",
	"AcquisitionNumber": 2,
	"PhilipsRescaleSlope": 5.47692,
	"PhilipsRescaleIntercept": 0,
	"PhilipsScaleSlope": 0.00170409,
	"UsePhilipsFloatNotDisplayScaling": 1,
	"SliceThickness": 2,
	"SpacingBetweenSlices": 1,
	"NumberOfAverages": 2,
	"EchoTime": 0.0033942,
	"RepetitionTime": 0.0069083,
	"FlipAngle": 9,
	"CoilString": "T_R-head",
	"PercentPhaseFOV": 79.6875,
	"EchoTrainLength": 102,
	"PhaseEncodingSteps": 256,
	"AcquisitionMatrixPE": 256,
	"ReconMatrixPE": 256,
	"PixelBandwidth": 217.014,
	"ImageOrientationPatientDICOM": [
		0,
		1,
		0,
		-0.0196285,
		0,
		-0.999807	],
	"InPlanePhaseEncodingDirectionDICOM": "ROW",
	"ConversionSoftware": "dcm2niix",
	"ConversionSoftwareVersion": "v1.0.20190902"
}
