{
	"Modality": "MR",
	"MagneticFieldStrength": 3,
	"ImagingFrequency": 127.789,
	"Manufacturer": "Philips",
	"ManufacturersModelName": "Intera",
	"InstitutionName": "Klin.Radiologie_UKMuenster_MR3",
	"InstitutionalDepartmentName": "MR-Tomographie_II_-_3_T",
	"DeviceSerialNumber": "05704",
	"StationName": "PHILIPS-0A6304C",
	"BodyPartExamined": "BRAIN",
	"PatientPosition": "HFS",
	"ProcedureStepDescription": "MR-Schadel_BiDirect_vierte_Untersuchung",
	"SoftwareVersions": "3.2.3_3.2.3.1",
	"MRAcquisitionType": "3D",
	"SeriesDescription": "3DT1TFElrsQFOV",
	"ProtocolName": "WIP_3DT1TFElrsQFOV",
	"ScanningSequence": "GR",
	"SequenceVariant": "OSP",
	"ScanOptions": "SP",
	"ImageType": ["ORIGINAL", "PRIMARY", "M", "FFE", "M", "FFE"],
	"SeriesNumber": 501,
	"AcquisitionTime": "10:41:6.650000",
	"AcquisitionNumber": 5,
	"PhilipsRescaleSlope": 4.00952,
	"PhilipsRescaleIntercept": 0,
	"PhilipsScaleSlope": 0.00248495,
	"UsePhilipsFloatNotDisplayScaling": 1,
	"SliceThickness": 2,
	"SpacingBetweenSlices": 1,
	"NumberOfAverages": 2,
	"EchoTime": 0.003626,
	"RepetitionTime": 0.0073698,
	"FlipAngle": 9,
	"CoilString": "T_R-head",
	"PercentPhaseFOV": 100,
	"EchoTrainLength": 102,
	"PhaseEncodingSteps": 255,
	"AcquisitionMatrixPE": 255,
	"ReconMatrixPE": 256,
	"PixelBandwidth": 217,
	"ImageOrientationPatientDICOM": [
		0.0392958,
		0.924966,
		-0.378013,
		0.0807633,
		-0.380008,
		-0.921451	],
	"InPlanePhaseEncodingDirectionDICOM": "ROW",
	"ConversionSoftware": "dcm2niix",
	"ConversionSoftwareVersion": "v1.0.20190902"
}
