{
	"Modality": "MR",
	"MagneticFieldStrength": 3,
	"ImagingFrequency": 127.79,
	"Manufacturer": "Philips",
	"ManufacturersModelName": "Intera",
	"InstitutionName": "Klin.Radiologie_UKMuenster_MR3",
	"InstitutionalDepartmentName": "MR-Tomographie_II_-_3_T",
	"DeviceSerialNumber": "05704",
	"StationName": "PHILIPS-1D869B9",
	"BodyPartExamined": "BRAIN",
	"PatientPosition": "HFS",
	"ProcedureStepDescription": "MR-Schadel_BiDirect_zweite_Untersuchung",
	"SoftwareVersions": "2.6.3_2.6.3.4",
	"MRAcquisitionType": "3D",
	"SeriesDescription": "3DT1TFElrsQFOV",
	"ProtocolName": "3DT1TFElrsQFOV",
	"ScanningSequence": "GR",
	"SequenceVariant": "OSP",
	"ScanOptions": "SP",
	"ImageType": ["ORIGINAL", "PRIMARY", "M", "FFE", "M", "FFE"],
	"SeriesNumber": 501,
	"AcquisitionTime": "16:54:34.920000",
	"AcquisitionNumber": 5,
	"PhilipsRescaleSlope": 5.72063,
	"PhilipsRescaleIntercept": 0,
	"PhilipsScaleSlope": 0.00239183,
	"UsePhilipsFloatNotDisplayScaling": 1,
	"SliceThickness": 2,
	"SpacingBetweenSlices": 1,
	"SAR": 1.10615,
	"NumberOfAverages": 2,
	"EchoTime": 0.003533,
	"RepetitionTime": 0.0071849,
	"FlipAngle": 9,
	"CoilString": "T_R-head",
	"PercentPhaseFOV": 100,
	"EchoTrainLength": 102,
	"PhaseEncodingSteps": 255,
	"AcquisitionMatrixPE": 255,
	"ReconMatrixPE": 256,
	"PixelBandwidth": 217,
	"ImageOrientationPatientDICOM": [
		0.00946427,
		0.969291,
		-0.245733,
		-0.00222862,
		-0.245723,
		-0.969337	],
	"InPlanePhaseEncodingDirectionDICOM": "ROW",
	"ConversionSoftware": "dcm2niix",
	"ConversionSoftwareVersion": "v1.0.20190902"
}
